GEM
  remote: http://rubygems.org/
  specs:
    rake (10.1.0)

PLATFORMS
  ruby

DEPENDENCIES
  rake
